PATH
  remote: /Users/tvd/code/rails/tinymce_hammer
  specs:
    tinymce_hammer (0.2.0)

GEM
  remote: http://rubygems.org/
  specs:
    abstract (1.0.0)
    actionmailer (3.0.7)
      actionpack (= 3.0.7)
      mail (~> 2.2.15)
    actionpack (3.0.7)
      activemodel (= 3.0.7)
      activesupport (= 3.0.7)
      builder (~> 2.1.2)
      erubis (~> 2.6.6)
      i18n (~> 0.5.0)
      rack (~> 1.2.1)
      rack-mount (~> 0.6.14)
      rack-test (~> 0.5.7)
      tzinfo (~> 0.3.23)
    activemodel (3.0.7)
      activesupport (= 3.0.7)
      builder (~> 2.1.2)
      i18n (~> 0.5.0)
    activerecord (3.0.7)
      activemodel (= 3.0.7)
      activesupport (= 3.0.7)
      arel (~> 2.0.2)
      tzinfo (~> 0.3.23)
    activeresource (3.0.7)
      activemodel (= 3.0.7)
      activesupport (= 3.0.7)
    activesupport (3.0.7)
    acts_as_ferret (0.5.2)
      jk-ferret (>= 0.11.8)
      rails (>= 3.0)
    arel (2.0.10)
    authlogic (3.0.3)
      activerecord (>= 3.0.7)
      activerecord (>= 3.0.7)
    awesome_nested_set (2.0.0)
      activerecord (>= 3.0.0)
    aws-s3 (0.6.2)
      builder
      mime-types
      xml-simple
    builder (2.1.2)
    declarative_authorization (0.5.3)
    dynamic_form (1.1.4)
    erubis (2.6.6)
      abstract (>= 1.0.0)
    fast_gettext (0.5.11)
    gettext_i18n_rails (0.2.20)
      fast_gettext
    git (1.2.5)
    i18n (0.5.0)
    jeweler (1.6.2)
      bundler (~> 1.0)
      git (>= 1.2.5)
      rake
    jk-ferret (0.11.8.3)
      rake
    jquery-rails (1.0.9)
      railties (~> 3.0)
      thor (~> 0.14)
    mail (2.2.19)
      activesupport (>= 2.3.6)
      i18n (>= 0.4.0)
      mime-types (~> 1.16)
      treetop (~> 1.4.8)
    mime-types (1.16)
    mimetype-fu (0.1.2)
    mysql2 (0.2.7)
    polyglot (0.3.1)
    rack (1.2.3)
    rack-mount (0.6.14)
      rack (>= 1.0.0)
    rack-test (0.5.7)
      rack (>= 1.0)
    rails (3.0.7)
      actionmailer (= 3.0.7)
      actionpack (= 3.0.7)
      activerecord (= 3.0.7)
      activeresource (= 3.0.7)
      activesupport (= 3.0.7)
      bundler (~> 1.0)
      railties (= 3.0.7)
    railties (3.0.7)
      actionpack (= 3.0.7)
      activesupport (= 3.0.7)
      rake (>= 0.8.7)
      thor (~> 0.14.4)
    rake (0.9.1)
    rmagick (2.13.1)
    sortifiable (0.2.3)
      activerecord (>= 3.0)
      activesupport (>= 3.0)
    thor (0.14.6)
    treetop (1.4.9)
      polyglot (>= 0.3.1)
    tvdeyen-fleximage (1.0.5)
      aws-s3
      rmagick
    tzinfo (0.3.27)
    userstamp (2.0.1)
    will_paginate (3.0.pre2)
    xml-simple (1.0.16)

PLATFORMS
  ruby

DEPENDENCIES
  acts_as_ferret (>= 0.5.2)
  authlogic (>= 3.0.3)
  awesome_nested_set (>= 2.0.0)
  bundler (~> 1.0.0)
  declarative_authorization (>= 0.5)
  dynamic_form (>= 1.1.4)
  gettext_i18n_rails (>= 0.2.19)
  jeweler (~> 1.6.0)
  jquery-rails (>= 1.0.3)
  mimetype-fu (>= 0.1.2)
  mysql2 (>= 0.2, < 0.3)
  rails (>= 3.0.7, < 3.1)
  sortifiable (>= 0.2.3)
  tinymce_hammer!
  tvdeyen-fleximage (>= 1.0.5)
  userstamp (>= 2.0.1)
  will_paginate (>= 3.0.pre)
